GEM
  remote: http://rubygems.org/
  remote: http://gems.github.com/
  specs:
    actionmailer (3.2.18)
      actionpack (= 3.2.18)
      mail (~> 2.5.4)
    actionpack (3.2.18)
      activemodel (= 3.2.18)
      activesupport (= 3.2.18)
      builder (~> 3.0.0)
      erubis (~> 2.7.0)
      journey (~> 1.0.4)
      rack (~> 1.4.5)
      rack-cache (~> 1.2)
      rack-test (~> 0.6.1)
      sprockets (~> 2.2.1)
    activemodel (3.2.18)
      activesupport (= 3.2.18)
      builder (~> 3.0.0)
    activerecord (3.2.18)
      activemodel (= 3.2.18)
      activesupport (= 3.2.18)
      arel (~> 3.0.2)
      tzinfo (~> 0.3.29)
    activeresource (3.2.18)
      activemodel (= 3.2.18)
      activesupport (= 3.2.18)
    activesupport (3.2.18)
      i18n (~> 0.6, >= 0.6.4)
      multi_json (~> 1.0)
    arel (3.0.3)
    builder (3.0.4)
    capistrano (2.15.5)
      highline
      net-scp (>= 1.0.0)
      net-sftp (>= 2.0.0)
      net-ssh (>= 2.0.14)
      net-ssh-gateway (>= 1.1.0)
    climate_control (0.0.3)
      activesupport (>= 3.0)
    cocaine (0.5.4)
      climate_control (>= 0.0.3, < 1.0)
    daemons (1.1.9)
    delayed_job (2.1.4)
      activesupport (~> 3.0)
      daemons
    elasticsearch (1.0.4)
      elasticsearch-api (= 1.0.4)
      elasticsearch-transport (= 1.0.4)
    elasticsearch-api (1.0.4)
      multi_json
    elasticsearch-model (0.1.4)
      activesupport (> 3)
      elasticsearch (> 0.4)
      hashie
    elasticsearch-rails (0.1.4)
    elasticsearch-transport (1.0.4)
      faraday
      multi_json
    erubis (2.7.0)
    eventmachine (1.0.3)
    eventmachine (1.0.3-x86-mingw32)
    faraday (0.9.0)
      multipart-post (>= 1.2, < 3)
    hashie (3.2.0)
    highline (1.6.21)
    hike (1.2.3)
    i18n (0.6.11)
    journey (1.0.4)
    json (1.8.1)
    mail (2.5.4)
      mime-types (~> 1.16)
      treetop (~> 1.4.8)
    mime-types (1.25.1)
    mini_portile (0.6.0)
    multi_json (1.10.1)
    multipart-post (2.0.0)
    mysql2 (0.3.16)
    net-scp (1.2.1)
      net-ssh (>= 2.6.5)
    net-sftp (2.1.2)
      net-ssh (>= 2.6.5)
    net-ssh (2.7.0)
    net-ssh-gateway (1.2.0)
      net-ssh (>= 2.6.5)
    nokogiri (1.6.3.1)
      mini_portile (= 0.6.0)
    nokogiri (1.6.3.1-x86-mingw32)
      mini_portile (= 0.6.0)
    paperclip (2.3.15)
      activerecord (>= 2.3.0)
      activesupport (>= 2.3.2)
      cocaine (>= 0.0.2)
      mime-types
    polyglot (0.3.5)
    rack (1.4.5)
    rack-cache (1.2)
      rack (>= 0.4)
    rack-ssl (1.3.4)
      rack
    rack-test (0.6.2)
      rack (>= 1.0)
    rails (3.2.18)
      actionmailer (= 3.2.18)
      actionpack (= 3.2.18)
      activerecord (= 3.2.18)
      activeresource (= 3.2.18)
      activesupport (= 3.2.18)
      bundler (~> 1.0)
      railties (= 3.2.18)
    railties (3.2.18)
      actionpack (= 3.2.18)
      activesupport (= 3.2.18)
      rack-ssl (~> 1.3.2)
      rake (>= 0.8.7)
      rdoc (~> 3.4)
      thor (>= 0.14.6, < 2.0)
    rake (10.3.2)
    rdoc (3.12.2)
      json (~> 1.4)
    rubyzip (0.9.9)
    sprockets (2.2.2)
      hike (~> 1.2)
      multi_json (~> 1.0)
      rack (~> 1.0)
      tilt (~> 1.1, != 1.3.0)
    text (1.3.0)
    thin (1.6.2)
      daemons (>= 1.0.9)
      eventmachine (>= 1.0.0)
      rack (>= 1.0.0)
    thor (0.19.1)
    tilt (1.4.1)
    timeliness (0.3.7)
    treetop (1.4.15)
      polyglot
      polyglot (>= 0.3.1)
    tzinfo (0.3.40)
    validates_timeliness (3.0.14)
      timeliness (~> 0.3.6)
    will_paginate (3.0.7)
    wirble (0.1.3)

PLATFORMS
  ruby
  x86-mingw32

DEPENDENCIES
  capistrano (= 2.15.5)
  delayed_job (~> 2.1)
  elasticsearch-model
  elasticsearch-rails
  json
  multi_json (= 1.10.1)
  mysql2
  net-ssh (~> 2.7.0)
  nokogiri
  paperclip (= 2.3.15)
  rails (= 3.2.18)
  rake (= 10.3.2)
  rubyzip (< 1.0.0)
  text
  thin
  validates_timeliness (~> 3.0.2)
  will_paginate (~> 3.0)
  wirble
